PATH
  remote: .
  specs:
    robut (0.5.2)
      sinatra (~> 1.3)
      xmpp4r (~> 0.5.0)

GEM
  remote: http://rubygems.org/
  specs:
    addressable (2.3.6)
    autoparse (0.3.3)
      addressable (>= 2.3.1)
      extlib (>= 0.9.15)
      multi_json (>= 1.0.0)
    calc (1.0.0)
    classifier (1.3.1)
      stemmer (>= 1.0.0)
    coderay (1.1.0)
    dotenv (1.0.2)
    dotenv-rails (1.0.2)
      dotenv (= 1.0.2)
    extlib (0.9.16)
    faraday (0.9.0)
      multipart-post (>= 1.2, < 3)
    google-api-client (0.7.1)
      addressable (>= 2.3.2)
      autoparse (>= 0.3.3)
      extlib (>= 0.9.15)
      faraday (>= 0.9.0)
      jwt (>= 0.1.5)
      launchy (>= 2.1.1)
      multi_json (>= 1.0.0)
      retriable (>= 1.4)
      signet (>= 0.5.0)
      uuidtools (>= 2.1.0)
    google_custom_search_api (1.0.0)
      addressable
      httparty
    httparty (0.13.1)
      json (~> 1.8)
      multi_xml (>= 0.5.2)
    json (1.8.1)
    jwt (1.0.0)
    launchy (2.4.3)
      addressable (~> 2.3)
    meme_generator (1.9)
      nokogiri (~> 1.4)
    method_source (0.8.2)
    mime-types (2.4.3)
    mini_portile (0.5.2)
    multi_json (1.10.1)
    multi_xml (0.5.5)
    multipart-post (2.0.0)
    netrc (0.8.0)
    nokogiri (1.6.0)
      mini_portile (~> 0.5.0)
    pry (0.10.1)
      coderay (~> 1.1.0)
      method_source (~> 0.8.1)
      slop (~> 3.4)
    rack (1.5.2)
    rack-protection (1.5.1)
      rack
    rake (10.0.4)
    rest-client (1.7.2)
      mime-types (>= 1.16, < 3.0)
      netrc (~> 0.7)
    retriable (1.4.1)
    rmagick (2.13.2)
    ruby-opencv (0.0.13)
    signet (0.5.1)
      addressable (>= 2.2.3)
      faraday (>= 0.9.0.rc5)
      jwt (>= 0.1.5)
      multi_json (>= 1.0.0)
    sinatra (1.4.4)
      rack (~> 1.4)
      rack-protection (~> 1.4)
      tilt (~> 1.3, >= 1.3.4)
    slop (3.6.0)
    stemmer (1.0.1)
    tilt (1.4.1)
    twss (0.0.5)
      classifier (= 1.3.1)
    unirest (1.0.8)
      addressable
      json
      rest-client
    uuidtools (2.1.5)
    xmpp4r (0.5.5)

PLATFORMS
  ruby

DEPENDENCIES
  addressable (~> 2.3.2)
  calc
  dotenv-rails
  google-api-client (~> 0.7.1)
  google_custom_search_api
  meme_generator
  nokogiri
  pry
  rake
  rest-client
  rmagick (= 2.13.2)
  robut!
  ruby-opencv
  twss
  unirest
